PATH
  remote: .
  specs:
    hashie_data_mapper (0.1.3)
      hashie (>= 1.2.0)

GEM
  remote: http://rubygems.org/
  specs:
    diff-lcs (1.2.5)
    hashie (2.0.5)
    rake (0.9.6)
    rspec (2.14.1)
      rspec-core (~> 2.14.0)
      rspec-expectations (~> 2.14.0)
      rspec-mocks (~> 2.14.0)
    rspec-core (2.14.7)
    rspec-expectations (2.14.4)
      diff-lcs (>= 1.1.3, < 2.0)
    rspec-mocks (2.14.4)

PLATFORMS
  ruby

DEPENDENCIES
  bundler (~> 1.3)
  hashie_data_mapper!
  rake (~> 0.9.2)
  rspec (~> 2.5)
